GIT
  remote: https://github.com/quarter-spiral/oauth2-provider.git
  revision: 5a3add849c4cba541c373ce7aea96bf384761104
  specs:
    songkick-oauth2-provider (0.10.0)
      activerecord
      bcrypt-ruby
      json
      rack

GIT
  remote: https://github.com/quarter-spiral/sinatra_warden.git
  revision: 70d3037017c2ca6f69849e4e1e6deb438f242f16
  specs:
    sinatra_warden (0.3.2)
      sinatra (>= 1.0.0)
      warden (~> 1.0)

GIT
  remote: https://github.com/walski/grape.git
  revision: f1856a4995a53867a8023a7bb6e86c60c50fcc6a
  branch: fix-86
  specs:
    grape (0.2.3)
      activesupport
      hashie (~> 1.2)
      multi_json (>= 1.3.2)
      multi_xml
      rack
      rack-accept
      rack-mount
      virtus

PATH
  remote: .
  specs:
    datastore-backend (0.0.10)
      auth-client (>= 0.0.6)
      json (= 1.7.4)
      mongoid (= 2.4.11)
      rack-jsonp-middleware (= 0.0.5)
      uuid

GEM
  remote: https://rubygems.org/
  remote: https://user:We267RFF7BfwVt4LdqFA@privategems.herokuapp.com/
  specs:
    actionpack (3.2.8)
      activemodel (= 3.2.8)
      activesupport (= 3.2.8)
      builder (~> 3.0.0)
      erubis (~> 2.7.0)
      journey (~> 1.0.4)
      rack (~> 1.4.0)
      rack-cache (~> 1.2)
      rack-test (~> 0.6.1)
      sprockets (~> 2.1.3)
    activemodel (3.2.8)
      activesupport (= 3.2.8)
      builder (~> 3.0.0)
    activerecord (3.2.8)
      activemodel (= 3.2.8)
      activesupport (= 3.2.8)
      arel (~> 3.0.2)
      tzinfo (~> 0.3.29)
    activesupport (3.2.8)
      i18n (~> 0.6)
      multi_json (~> 1.0)
    arel (3.0.2)
    auth-backend (0.0.3)
      activerecord
      bcrypt-ruby
      json
      kaminari
      padrino-helpers
      pg
      sinatra
      sinatra-activerecord
      sinatra-flash
      uuid
    auth-client (0.0.13)
      service-client (>= 0.0.8)
    backports (2.6.5)
    bcrypt-ruby (3.0.1)
    bcrypt-ruby (3.0.1-java)
    bson (1.6.4)
    bson_ext (1.6.4)
      bson (~> 1.6.4)
    builder (3.0.3)
    daemons (1.1.9)
    diff-lcs (1.1.3)
    erubis (2.7.0)
    eventmachine (1.0.0)
    faraday (0.8.1)
      multipart-post (~> 1.1)
    ffi (1.0.11)
    ffi (1.0.11-java)
    guard (1.0.2)
      ffi (>= 0.5.0)
      thor (~> 0.14.6)
    guard-rspec (0.7.0)
      guard (>= 0.10.0)
    hashie (1.2.0)
    hike (1.2.1)
    http_router (0.10.2)
      rack (>= 1.0.0)
      url_mount (~> 0.2.1)
    i18n (0.6.1)
    journey (1.0.4)
    json (1.7.4)
    json (1.7.4-java)
    kaminari (0.14.1)
      actionpack (>= 3.0.0)
      activesupport (>= 3.0.0)
    macaddr (1.6.1)
      systemu (~> 2.5.0)
    mongo (1.6.2)
      bson (~> 1.6.2)
    mongoid (2.4.11)
      activemodel (~> 3.1)
      mongo (<= 1.6.2)
      tzinfo (~> 0.3.22)
    multi_json (1.3.7)
    multi_xml (0.5.1)
    multipart-post (1.1.5)
    padrino-core (0.10.6)
      activesupport (~> 3.2.0)
      http_router (~> 0.10.2)
      sinatra (~> 1.3.1)
      thor (~> 0.14.3)
      tilt (~> 1.3.0)
    padrino-helpers (0.10.6)
      i18n (~> 0.6)
      padrino-core (= 0.10.6)
    pg (0.14.1)
    rack (1.4.1)
    rack-accept (0.4.5)
      rack (>= 0.4)
    rack-cache (1.2)
      rack (>= 0.4)
    rack-client (0.4.0)
      rack (>= 1.0.0)
    rack-jsonp-middleware (0.0.5)
      rack
    rack-mount (0.8.3)
      rack (>= 1.0.0)
    rack-protection (1.2.0)
      rack
    rack-test (0.6.2)
      rack (>= 1.0)
    rake (0.9.2.2)
    rspec (2.10.0)
      rspec-core (~> 2.10.0)
      rspec-expectations (~> 2.10.0)
      rspec-mocks (~> 2.10.0)
    rspec-core (2.10.1)
    rspec-expectations (2.10.0)
      diff-lcs (~> 1.1.3)
    rspec-mocks (2.10.1)
    ruby_gntp (0.3.4)
    service-client (0.0.9)
      faraday (= 0.8.1)
      json
    sinatra (1.3.3)
      rack (~> 1.3, >= 1.3.6)
      rack-protection (~> 1.2)
      tilt (~> 1.3, >= 1.3.3)
    sinatra-activerecord (1.1.1)
      activerecord (~> 3.0)
      sinatra (~> 1.0)
    sinatra-flash (0.3.0)
      sinatra (>= 1.0.0)
    sprockets (2.1.3)
      hike (~> 1.2)
      rack (~> 1.0)
      tilt (~> 1.1, != 1.3.0)
    sqlite3 (1.3.6)
    systemu (2.5.2)
    thin (1.4.1)
      daemons (>= 1.0.9)
      eventmachine (>= 0.12.6)
      rack (>= 1.0.0)
    thor (0.14.6)
    tilt (1.3.3)
    tzinfo (0.3.33)
    url_mount (0.2.1)
      rack
    uuid (2.3.5)
      macaddr (~> 1.0)
    virtus (0.5.2)
      backports (~> 2.6.1)
    warden (1.2.1)
      rack (>= 1.0)

PLATFORMS
  java
  ruby

DEPENDENCIES
  auth-backend (~> 0.0.3)
  bson_ext
  datastore-backend!
  grape!
  guard-rspec
  rack-client
  rake
  rspec (~> 2.10.0)
  ruby_gntp
  sinatra_warden!
  songkick-oauth2-provider!
  sqlite3
  thin
