PATH
  remote: .
  specs:
    datastore-backend (0.0.1)
      grape (= 0.2.0)

GEM
  remote: https://rubygems.org/
  specs:
    grape (0.2.0)
      hashie (~> 1.2)
      multi_json
      multi_xml
      rack
      rack-mount
    hashie (1.2.0)
    multi_json (1.3.6)
    multi_xml (0.5.1)
    rack (1.4.1)
    rack-client (0.4.0)
      rack (>= 1.0.0)
    rack-mount (0.8.3)
      rack (>= 1.0.0)

PLATFORMS
  ruby

DEPENDENCIES
  datastore-backend!
  grape (= 0.2.0)
  rack-client
