GIT
  remote: https://github.com/quarter-spiral/oauth2-provider.git
  revision: 5a3add849c4cba541c373ce7aea96bf384761104
  specs:
    songkick-oauth2-provider (0.10.0)
      activerecord
      bcrypt-ruby
      json
      rack

GIT
  remote: https://github.com/quarter-spiral/sinatra_warden.git
  revision: 70d3037017c2ca6f69849e4e1e6deb438f242f16
  specs:
    sinatra_warden (0.3.2)
      sinatra (>= 1.0.0)
      warden (~> 1.0)

PATH
  remote: .
  specs:
    datastore-backend (0.0.19)
      auth-client (>= 0.0.14)
      grape (~> 0.4.0)
      grape_newrelic (~> 0.0.3)
      json (~> 1.7.7)
      mongoid (~> 3.1.2)
      ping-middleware (~> 0.0.2)
      rack-jsonp-middleware (= 0.0.5)
      uuid

GEM
  remote: https://rubygems.org/
  remote: https://user:We267RFF7BfwVt4LdqFA@privategems.herokuapp.com/
  specs:
    actionpack (3.2.13)
      activemodel (= 3.2.13)
      activesupport (= 3.2.13)
      builder (~> 3.0.0)
      erubis (~> 2.7.0)
      journey (~> 1.0.4)
      rack (~> 1.4.5)
      rack-cache (~> 1.2)
      rack-test (~> 0.6.1)
      sprockets (~> 2.2.1)
    activemodel (3.2.13)
      activesupport (= 3.2.13)
      builder (~> 3.0.0)
    activerecord (3.2.13)
      activemodel (= 3.2.13)
      activesupport (= 3.2.13)
      arel (~> 3.0.2)
      tzinfo (~> 0.3.29)
    activesupport (3.2.13)
      i18n (= 0.6.1)
      multi_json (~> 1.0)
    arel (3.0.2)
    auth-backend (0.0.29)
      activerecord (>= 3.2.9)
      bcrypt-ruby
      graph-client (~> 0.0.12)
      json (~> 1.7.7)
      kaminari
      newrelic_rpm
      omniauth (~> 1.1.1)
      omniauth-facebook (~> 1.4.1)
      padrino-helpers
      ping-middleware (~> 0.0.2)
      rack (~> 1.4.5)
      sinatra
      sinatra-activerecord
      sinatra-flash
      thin
      uuid
    auth-client (0.0.15)
      service-client (>= 0.0.12)
    backports (2.6.7)
    bcrypt-ruby (3.0.1)
    bcrypt-ruby (3.0.1-java)
    bson (1.6.4)
    bson_ext (1.6.4)
      bson (~> 1.6.4)
    builder (3.0.4)
    commander (4.1.3)
      highline (~> 1.6.11)
    daemons (1.1.9)
    descendants_tracker (0.0.1)
    diff-lcs (1.1.3)
    erubis (2.7.0)
    eventmachine (1.0.0)
    faraday (0.8.1)
      multipart-post (~> 1.1)
    ffi (1.0.11)
    ffi (1.0.11-java)
    grape (0.4.0)
      activesupport
      builder
      hashie (>= 1.2.0)
      multi_json (>= 1.3.2)
      multi_xml (>= 0.5.2)
      rack (>= 1.3.0)
      rack-accept
      rack-mount
      virtus
    grape_newrelic (0.0.4)
      grape (>= 0.2.2)
      newrelic_rpm (>= 3.5.4.33)
    graph-client (0.0.12)
      commander
      service-client (>= 0.0.12)
    guard (1.0.2)
      ffi (>= 0.5.0)
      thor (~> 0.14.6)
    guard-rspec (0.7.0)
      guard (>= 0.10.0)
    hashie (1.2.0)
    highline (1.6.16)
    hike (1.2.1)
    http_router (0.10.2)
      rack (>= 1.0.0)
      url_mount (~> 0.2.1)
    httpauth (0.2.0)
    i18n (0.6.1)
    journey (1.0.4)
    json (1.7.7)
    jwt (0.1.8)
      multi_json (>= 1.5)
    kaminari (0.14.1)
      actionpack (>= 3.0.0)
      activesupport (>= 3.0.0)
    macaddr (1.6.1)
      systemu (~> 2.5.0)
    mongoid (3.1.2)
      activemodel (~> 3.2)
      moped (~> 1.4.2)
      origin (~> 1.0)
      tzinfo (~> 0.3.22)
    moped (1.4.4)
    multi_json (1.7.1)
    multi_xml (0.5.3)
    multipart-post (1.2.0)
    newrelic_rpm (3.5.8.72)
    nokogiri (1.5.6)
    nokogiri (1.5.6-java)
    oauth2 (0.8.1)
      faraday (~> 0.8)
      httpauth (~> 0.1)
      jwt (~> 0.1.4)
      multi_json (~> 1.0)
      rack (~> 1.2)
    omniauth (1.1.3)
      hashie (~> 1.2)
      rack
    omniauth-facebook (1.4.1)
      omniauth-oauth2 (~> 1.1.0)
    omniauth-oauth2 (1.1.1)
      oauth2 (~> 0.8.0)
      omniauth (~> 1.0)
    origin (1.0.11)
    padrino-core (0.10.6)
      activesupport (~> 3.2.0)
      http_router (~> 0.10.2)
      sinatra (~> 1.3.1)
      thor (~> 0.14.3)
      tilt (~> 1.3.0)
    padrino-helpers (0.10.6)
      i18n (~> 0.6)
      padrino-core (= 0.10.6)
    ping-middleware (0.0.2)
    rack (1.4.5)
    rack-accept (0.4.5)
      rack (>= 0.4)
    rack-cache (1.2)
      rack (>= 0.4)
    rack-client (0.4.0)
      rack (>= 1.0.0)
    rack-jsonp-middleware (0.0.5)
      rack
    rack-mount (0.8.3)
      rack (>= 1.0.0)
    rack-protection (1.5.0)
      rack
    rack-test (0.6.2)
      rack (>= 1.0)
    rake (0.9.2.2)
    rspec (2.10.0)
      rspec-core (~> 2.10.0)
      rspec-expectations (~> 2.10.0)
      rspec-mocks (~> 2.10.0)
    rspec-core (2.10.1)
    rspec-expectations (2.10.0)
      diff-lcs (~> 1.1.3)
    rspec-mocks (2.10.1)
    ruby_gntp (0.3.4)
    service-client (0.0.12)
      faraday (= 0.8.1)
      json
    sinatra (1.3.6)
      rack (~> 1.4)
      rack-protection (~> 1.3)
      tilt (~> 1.3, >= 1.3.3)
    sinatra-activerecord (1.2.2)
      activerecord (~> 3.0)
      sinatra (~> 1.0)
    sinatra-flash (0.3.0)
      sinatra (>= 1.0.0)
    sprockets (2.2.2)
      hike (~> 1.2)
      multi_json (~> 1.0)
      rack (~> 1.0)
      tilt (~> 1.1, != 1.3.0)
    sqlite3 (1.3.6)
    systemu (2.5.2)
    thin (1.4.1)
      daemons (>= 1.0.9)
      eventmachine (>= 0.12.6)
      rack (>= 1.0.0)
    thor (0.14.6)
    tilt (1.3.6)
    tzinfo (0.3.37)
    url_mount (0.2.1)
      rack
    uuid (2.3.7)
      macaddr (~> 1.0)
    virtus (0.5.4)
      backports (~> 2.6.1)
      descendants_tracker (~> 0.0.1)
    warden (1.2.1)
      rack (>= 1.0)

PLATFORMS
  java
  ruby

DEPENDENCIES
  auth-backend (~> 0.0.28)
  bson_ext
  datastore-backend!
  guard-rspec
  nokogiri
  rack-client
  rake
  rspec (~> 2.10.0)
  ruby_gntp
  sinatra_warden!
  songkick-oauth2-provider!
  sqlite3
  thin
