PATH
  remote: .
  specs:
    datastore-backend (0.0.1)
      grape (= 0.2.0)

GEM
  remote: https://rubygems.org/
  specs:
    diff-lcs (1.1.3)
    ffi (1.0.11)
    grape (0.2.0)
      hashie (~> 1.2)
      multi_json
      multi_xml
      rack
      rack-mount
    guard (1.0.2)
      ffi (>= 0.5.0)
      thor (~> 0.14.6)
    guard-rspec (0.7.0)
      guard (>= 0.10.0)
    hashie (1.2.0)
    macaddr (1.5.0)
      systemu (>= 2.4.0)
    multi_json (1.3.6)
    multi_xml (0.5.1)
    rack (1.4.1)
    rack-client (0.4.0)
      rack (>= 1.0.0)
    rack-mount (0.8.3)
      rack (>= 1.0.0)
    rspec (2.10.0)
      rspec-core (~> 2.10.0)
      rspec-expectations (~> 2.10.0)
      rspec-mocks (~> 2.10.0)
    rspec-core (2.10.1)
    rspec-expectations (2.10.0)
      diff-lcs (~> 1.1.3)
    rspec-mocks (2.10.1)
    ruby_gntp (0.3.4)
    systemu (2.4.2)
    thor (0.14.6)
    uuid (2.3.4)
      macaddr (~> 1.0)

PLATFORMS
  ruby

DEPENDENCIES
  datastore-backend!
  grape (= 0.2.0)
  guard-rspec
  rack-client
  rspec (~> 2.10.0)
  ruby_gntp
  uuid
